GEM
  remote: https://rubygems.org/
  specs:
    gemoji (3.0.0)

PLATFORMS
  ruby

DEPENDENCIES
  gemoji (~> 3.0.0)

BUNDLED WITH
   1.16.3
